PATH
  remote: .
  specs:
    hquery-patient-api (1.1.0)
      coffee-script (~> 2.4)
      libv8 (~> 3.16.14)
      sprockets (= 2.2.2)
      therubyracer (~> 0.12)
      tilt (~> 1.4)
      uglifier (~> 3.2)

GEM
  remote: https://rubygems.org/
  specs:
    ansi (1.5.0)
    coffee-script (2.4.1)
      coffee-script-source
      execjs
    coffee-script-source (1.12.2)
    execjs (2.7.0)
    hike (1.2.3)
    libv8 (3.16.14.19)
    minitest (4.7.5)
    multi_json (1.12.2)
    rack (1.6.8)
    rake (12.2.1)
    ref (2.0.0)
    sprockets (2.2.2)
      hike (~> 1.2)
      multi_json (~> 1.0)
      rack (~> 1.0)
      tilt (~> 1.1, != 1.3.0)
    therubyracer (0.12.2)
      libv8 (~> 3.16.14.0)
      ref
    tilt (1.4.1)
    turn (0.9.7)
      ansi
      minitest (~> 4)
    uglifier (3.2.0)
      execjs (>= 0.3.0, < 3)

PLATFORMS
  ruby

DEPENDENCIES
  hquery-patient-api!
  minitest (~> 4.0)
  rake
  turn

BUNDLED WITH
   1.15.4
