PATH
  remote: .
  specs:
    hquery-patient-api (1.1.1)
      coffee-script (~> 2.4)
      libv8 (~> 3.16.14)
      sprockets (>= 2.2, < 5.0)
      therubyracer (~> 0.12)
      tilt (~> 1.4)
      uglifier (~> 2.7)

GEM
  remote: https://rubygems.org/
  specs:
    ansi (1.5.0)
    coffee-script (2.4.1)
      coffee-script-source
      execjs
    coffee-script-source (1.12.2)
    concurrent-ruby (1.1.6)
    execjs (2.7.0)
    json (2.3.1)
    libv8 (3.16.14.19)
    minitest (4.7.5)
    power_assert (0.2.6)
    rack (2.2.3)
    rake (12.2.1)
    ref (2.0.0)
    sprockets (4.0.2)
      concurrent-ruby (~> 1.0)
      rack (> 1, < 3)
    test-unit (3.1.5)
      power_assert
    therubyracer (0.12.3)
      libv8 (~> 3.16.14.15)
      ref
    tilt (1.4.1)
    turn (0.9.7)
      ansi
      minitest (~> 4)
    uglifier (2.7.2)
      execjs (>= 0.3.0)
      json (>= 1.8.0)

PLATFORMS
  ruby

DEPENDENCIES
  hquery-patient-api!
  rake
  test-unit
  turn

BUNDLED WITH
   1.15.4
