GEM
  remote: https://rubygems.org/
  specs:
    ansi (1.5.0)
    bundle-audit (0.1.0)
      bundler-audit
    bundler-audit (0.6.0)
      bundler (~> 1.2)
      thor (~> 0.18)
    coffee-script (2.4.1)
      coffee-script-source
      execjs
    coffee-script-source (1.9.1.1)
    execjs (2.6.0)
    hike (1.2.3)
    json (1.8.3)
    libv8 (3.16.14.11)
    minitest (4.7.5)
    multi_json (1.11.2)
    power_assert (1.1.1)
    rack (1.6.4)
    rake (10.4.2)
    ref (2.0.0)
    sprockets (2.12.4)
      hike (~> 1.2)
      multi_json (~> 1.0)
      rack (~> 1.0)
      tilt (~> 1.1, != 1.3.0)
    test-unit (3.1.5)
      power_assert
    therubyracer (0.12.2)
      libv8 (~> 3.16.14.0)
      ref
    thor (0.20.0)
    tilt (1.4.1)
    turn (0.9.7)
      ansi
      minitest (~> 4)
    uglifier (2.7.2)
      execjs (>= 0.3.0)
      json (>= 1.8.0)

PLATFORMS
  ruby

DEPENDENCIES
  bundle-audit
  coffee-script
  libv8
  minitest (~> 4.0)
  rake
  sprockets (~> 2.2)
  test-unit
  therubyracer
  tilt
  turn
  uglifier

BUNDLED WITH
   1.16.1
